GIT
  remote: https://github.com/AlexKhoroshko/html_table_dsl.git
  revision: 1e06a045557c96194471bc312948465831c77a7f
  specs:
    html_table_dsl (0.1.0)

GEM
  remote: https://rubygems.org/
  specs:
    daemons (1.4.1)
    date (3.3.3)
    diff-lcs (1.5.0)
    eventmachine (1.2.7)
    open-uri (0.3.0)
      stringio
      time
      uri
    rack (2.2.7)
    rspec (3.12.0)
      rspec-core (~> 3.12.0)
      rspec-expectations (~> 3.12.0)
      rspec-mocks (~> 3.12.0)
    rspec-core (3.12.2)
      rspec-support (~> 3.12.0)
    rspec-expectations (3.12.3)
      diff-lcs (>= 1.2.0, < 2.0)
      rspec-support (~> 3.12.0)
    rspec-mocks (3.12.5)
      diff-lcs (>= 1.2.0, < 2.0)
      rspec-support (~> 3.12.0)
    rspec-support (3.12.0)
    stringio (3.0.6)
    thin (1.8.2)
      daemons (~> 1.0, >= 1.0.9)
      eventmachine (~> 1.0, >= 1.0.4)
      rack (>= 1, < 3)
    time (0.2.2)
      date
    uri (0.12.1)
    webrick (1.8.1)

PLATFORMS
  x86_64-linux

DEPENDENCIES
  html_table_dsl!
  open-uri
  rack
  rspec
  thin
  webrick

BUNDLED WITH
   2.2.3
